GEM
  remote: http://bundler-api.herokuapp.com/
  specs:
    columnize (0.8.9)
    debugger (1.6.6)
      columnize (>= 0.3.1)
      debugger-linecache (~> 1.2.0)
      debugger-ruby_core_source (~> 1.3.2)
    debugger-linecache (1.2.0)
    debugger-ruby_core_source (1.3.4)
    fantasyhub (0.0.1)
    rack (1.5.2)
    rack-protection (1.5.3)
      rack
    rake (10.3.1)
    sinatra (1.4.5)
      rack (~> 1.4)
      rack-protection (~> 1.4)
      tilt (~> 1.3, >= 1.3.4)
    tilt (1.4.1)

PLATFORMS
  ruby

DEPENDENCIES
  debugger
  fantasyhub
  rake
  sinatra
